GEM
  remote: https://rubygems.org/
  specs:
    diff-lcs (1.2.5)
    faker (1.2.0)
      i18n (~> 0.5)
    i18n (0.6.9)
    rspec (2.14.1)
      rspec-core (~> 2.14.0)
      rspec-expectations (~> 2.14.0)
      rspec-mocks (~> 2.14.0)
    rspec-core (2.14.7)
    rspec-expectations (2.14.4)
      diff-lcs (>= 1.1.3, < 2.0)
    rspec-mocks (2.14.4)

PLATFORMS
  ruby
  x86-mingw32

DEPENDENCIES
  faker (~> 1.2.0)
  rspec (~> 2.14.1)

RUBY VERSION
   ruby 3.0.0p0

BUNDLED WITH
   2.2.9
